PATH
  remote: .
  specs:
    flexgrid-sass (0.1.0)
      autoprefixer-rails (>= 5.2.1)
      sass (>= 3.3.4)

GEM
  remote: https://rubygems.org/
  specs:
    autoprefixer-rails (6.5.1)
      execjs
    execjs (2.7.0)
    sass (3.4.22)

PLATFORMS
  ruby

DEPENDENCIES
  flexgrid-sass!

BUNDLED WITH
   1.13.6
